GEM
  remote: https://rubygems.org/
  specs:
    awesome_print (1.2.0)
    byebug (3.5.1)
      columnize (~> 0.8)
      debugger-linecache (~> 1.2)
      slop (~> 3.6)
    coderay (1.1.0)
    columnize (0.8.9)
    debugger-linecache (1.2.0)
    method_source (0.8.2)
    minitest (5.4.3)
    pry (0.10.1)
      coderay (~> 1.1.0)
      method_source (~> 0.8.1)
      slop (~> 3.4)
    rake (10.3.2)
    slop (3.6.0)

PLATFORMS
  ruby

DEPENDENCIES
  awesome_print (~> 1.2.0)
  bundler (~> 1.7.4)
  byebug (~> 3.5.1)
  minitest (~> 5.4.2)
  pry (~> 0.10.1)
  rake (~> 10.0)
